GEM
  remote: https://rubygems.org/
  specs:
    actionmailer (4.1.4)
      actionpack (= 4.1.4)
      actionview (= 4.1.4)
      mail (~> 2.5.4)
    actionpack (4.1.4)
      actionview (= 4.1.4)
      activesupport (= 4.1.4)
      rack (~> 1.5.2)
      rack-test (~> 0.6.2)
    actionview (4.1.4)
      activesupport (= 4.1.4)
      builder (~> 3.1)
      erubis (~> 2.7.0)
    active_model_serializers (0.8.1)
      activemodel (>= 3.0)
    activemodel (4.1.4)
      activesupport (= 4.1.4)
      builder (~> 3.1)
    activerecord (4.1.4)
      activemodel (= 4.1.4)
      activesupport (= 4.1.4)
      arel (~> 5.0.0)
    activesupport (4.1.4)
      i18n (~> 0.6, >= 0.6.9)
      json (~> 1.7, >= 1.7.7)
      minitest (~> 5.1)
      thread_safe (~> 0.1)
      tzinfo (~> 1.1)
    addressable (2.3.6)
    arel (5.0.1.20140414130214)
    autoprefixer-rails (2.1.0.20140628)
      execjs
    barber (0.4.2)
      ember-source
      execjs
      handlebars-source
    bootstrap-sass (3.2.0.0)
      sass (~> 3.2)
    builder (3.2.2)
    capybara (2.4.1)
      mime-types (>= 1.16)
      nokogiri (>= 1.3.3)
      rack (>= 1.0.0)
      rack-test (>= 0.5.4)
      xpath (~> 2.0)
    celluloid (0.15.2)
      timers (~> 1.1.0)
    coderay (1.1.0)
    coffee-rails (4.0.1)
      coffee-script (>= 2.2.0)
      railties (>= 4.0.0, < 5.0)
    coffee-script (2.2.0)
      coffee-script-source
      execjs
    coffee-script-source (1.7.0)
    database_cleaner (1.3.0)
    diff-lcs (1.2.5)
    ember-data-source (1.0.0.beta.8)
      ember-source
    ember-rails (0.15.0)
      active_model_serializers
      barber (>= 0.4.1)
      ember-data-source (>= 1.0.0.beta.5)
      ember-source (>= 1.1.0)
      execjs (>= 1.2)
      handlebars-source (> 1.0.0)
      jquery-rails (>= 1.0.17)
      railties (>= 3.1)
    ember-source (1.5.0)
      handlebars-source (~> 1.0)
    erubis (2.7.0)
    execjs (2.2.1)
    factory_girl (4.4.0)
      activesupport (>= 3.0.0)
    factory_girl_rails (4.4.1)
      factory_girl (~> 4.4.0)
      railties (>= 3.0.0)
    faker (1.3.0)
      i18n (~> 0.5)
    ffi (1.9.3)
    formatador (0.2.5)
    friendly_id (5.0.4)
      activerecord (>= 4.0.0)
    gravatar-ultimate (2.0.0)
      activesupport (>= 2.3.14)
      rack
    guard (2.6.1)
      formatador (>= 0.2.4)
      listen (~> 2.7)
      lumberjack (~> 1.0)
      pry (>= 0.9.12)
      thor (>= 0.18.1)
    guard-rspec (4.2.10)
      guard (~> 2.1)
      rspec (>= 2.14, < 4.0)
    handlebars-source (1.3.0)
    hike (1.2.3)
    i18n (0.6.9)
    jbuilder (2.1.1)
      activesupport (>= 3.0.0, < 5)
      multi_json (~> 1.2)
    jquery-rails (3.1.1)
      railties (>= 3.0, < 5.0)
      thor (>= 0.14, < 2.0)
    json (1.8.1)
    launchy (2.4.2)
      addressable (~> 2.3)
    listen (2.7.9)
      celluloid (>= 0.15.2)
      rb-fsevent (>= 0.9.3)
      rb-inotify (>= 0.9)
    lumberjack (1.0.9)
    mail (2.5.4)
      mime-types (~> 1.16)
      treetop (~> 1.4.8)
    method_source (0.8.2)
    mime-types (1.25.1)
    mini_portile (0.6.0)
    minitest (5.3.5)
    multi_json (1.10.1)
    nokogiri (1.6.2.1)
      mini_portile (= 0.6.0)
    pg (0.17.1)
    polyglot (0.3.5)
    pry (0.10.0)
      coderay (~> 1.1.0)
      method_source (~> 0.8.1)
      slop (~> 3.4)
    puma (2.8.2)
      rack (>= 1.1, < 2.0)
    rack (1.5.2)
    rack-cors (0.2.9)
    rack-jsonp-middleware (0.0.9)
      rack
    rack-test (0.6.2)
      rack (>= 1.0)
    rails (4.1.4)
      actionmailer (= 4.1.4)
      actionpack (= 4.1.4)
      actionview (= 4.1.4)
      activemodel (= 4.1.4)
      activerecord (= 4.1.4)
      activesupport (= 4.1.4)
      bundler (>= 1.3.0, < 2.0)
      railties (= 4.1.4)
      sprockets-rails (~> 2.0)
    railties (4.1.4)
      actionpack (= 4.1.4)
      activesupport (= 4.1.4)
      rake (>= 0.8.7)
      thor (>= 0.18.1, < 2.0)
    rake (10.3.2)
    rb-fsevent (0.9.4)
    rb-inotify (0.9.5)
      ffi (>= 0.5.0)
    rdoc (4.1.1)
      json (~> 1.4)
    rspec (3.0.0)
      rspec-core (~> 3.0.0)
      rspec-expectations (~> 3.0.0)
      rspec-mocks (~> 3.0.0)
    rspec-core (3.0.2)
      rspec-support (~> 3.0.0)
    rspec-expectations (3.0.2)
      diff-lcs (>= 1.2.0, < 2.0)
      rspec-support (~> 3.0.0)
    rspec-mocks (3.0.2)
      rspec-support (~> 3.0.0)
    rspec-rails (3.0.1)
      actionpack (>= 3.0)
      activesupport (>= 3.0)
      railties (>= 3.0)
      rspec-core (~> 3.0.0)
      rspec-expectations (~> 3.0.0)
      rspec-mocks (~> 3.0.0)
      rspec-support (~> 3.0.0)
    rspec-support (3.0.2)
    sass (3.2.19)
    sass-rails (4.0.3)
      railties (>= 4.0.0, < 5.0)
      sass (~> 3.2.0)
      sprockets (~> 2.8, <= 2.11.0)
      sprockets-rails (~> 2.0)
    sdoc (0.4.0)
      json (~> 1.8)
      rdoc (~> 4.0, < 5.0)
    slim (2.0.2)
      temple (~> 0.6.6)
      tilt (>= 1.3.3, < 2.1)
    slim-rails (2.1.5)
      actionpack (>= 3.0, < 4.2)
      activesupport (>= 3.0, < 4.2)
      railties (>= 3.0, < 4.2)
      slim (~> 2.0)
    slop (3.5.0)
    spring (1.1.3)
    sprockets (2.11.0)
      hike (~> 1.2)
      multi_json (~> 1.0)
      rack (~> 1.0)
      tilt (~> 1.1, != 1.3.0)
    sprockets-rails (2.1.3)
      actionpack (>= 3.0)
      activesupport (>= 3.0)
      sprockets (~> 2.8)
    sqlite3 (1.3.9)
    temple (0.6.7)
    thor (0.19.1)
    thread_safe (0.3.4)
    tilt (1.4.1)
    timers (1.1.0)
    treetop (1.4.15)
      polyglot
      polyglot (>= 0.3.1)
    turbolinks (2.2.2)
      coffee-rails
    tzinfo (1.2.1)
      thread_safe (~> 0.1)
    uglifier (2.5.1)
      execjs (>= 0.3.0)
      json (>= 1.8.0)
    xpath (2.0.0)
      nokogiri (~> 1.3)

PLATFORMS
  ruby

DEPENDENCIES
  autoprefixer-rails
  bootstrap-sass (~> 3.2.0)
  capybara
  coffee-rails (~> 4.0.0)
  database_cleaner
  ember-rails
  ember-source (= 1.5.0)
  factory_girl_rails
  faker
  friendly_id
  gravatar-ultimate
  guard-rspec
  jbuilder (~> 2.0)
  jquery-rails
  launchy
  pg
  puma
  rack-cors
  rack-jsonp-middleware
  rails (= 4.1.4)
  rspec-rails
  sass-rails (~> 4.0.3)
  sdoc (~> 0.4.0)
  slim-rails
  spring
  sqlite3
  turbolinks
  uglifier (>= 1.3.0)
